GEM
  remote: http://rubygems.org/
  specs:
    activesupport (3.0.5)
    builder (2.1.2)
    diff-lcs (1.1.2)
    haml (3.0.25)
    i18n (0.4.2)
    jasmine (1.0.1.1)
      json_pure (>= 1.4.3)
      rack (>= 1.0.0)
      rake (>= 0.8.7)
      rspec (>= 1.1.5)
      selenium-client (>= 1.2.17)
      selenium-rc (>= 2.1.0)
    json (1.4.6)
    json_pure (1.5.1)
    nokogiri (1.4.4)
    rack (1.2.1)
    rack-test (0.5.7)
      rack (>= 1.0)
    rake (0.8.7)
    rspec (2.0.1)
      rspec-core (~> 2.0.1)
      rspec-expectations (~> 2.0.1)
      rspec-mocks (~> 2.0.1)
    rspec-core (2.0.1)
    rspec-expectations (2.0.1)
      diff-lcs (>= 1.1.2)
    rspec-mocks (2.0.1)
      rspec-core (~> 2.0.1)
      rspec-expectations (~> 2.0.1)
    selenium-client (1.2.18)
    selenium-rc (2.3.2)
      selenium-client (>= 1.2.18)
    sinatra (1.0)
      rack (>= 1.0)
    wrest (1.0.2)
      activesupport (~> 3.0.0)
      builder (~> 2.1.2)
      json (~> 1.4.6)

PLATFORMS
  ruby

DEPENDENCIES
  haml (~> 3.0.13)
  i18n (~> 0.4.2)
  jasmine (~> 1.0.1.1)
  nokogiri (~> 1.4.2)
  rack-test (~> 0.5.4)
  rspec (~> 2.0.0)
  sinatra (~> 1.0.0)
  wrest (~> 1.0.0)
