GEM
  remote: http://rubygems.org/
  specs:
    activesupport (3.0.3)
    diff-lcs (1.1.2)
    haml (3.0.13)
    i18n (0.4.2)
    jasmine (0.11.1.0)
      rack (>= 1.0.0)
      rspec (>= 1.1.5)
      selenium-client (>= 1.2.17)
      selenium-rc (>= 2.1.0)
    json (1.4.6)
    less (1.2.21)
      mutter (>= 0.4.2)
      treetop (>= 1.4.2)
    mutter (0.5.3)
    nokogiri (1.4.2)
    polyglot (0.3.1)
    rack (1.2.1)
    rack-test (0.5.4)
      rack (>= 1.0)
    rspec (2.0.0.beta.19)
      rspec-core (= 2.0.0.beta.19)
      rspec-expectations (= 2.0.0.beta.19)
      rspec-mocks (= 2.0.0.beta.19)
    rspec-core (2.0.0.beta.19)
    rspec-expectations (2.0.0.beta.19)
      diff-lcs (>= 1.1.2)
    rspec-mocks (2.0.0.beta.19)
    selenium-client (1.2.18)
    selenium-rc (2.2.4)
      selenium-client (>= 1.2.18)
    sinatra (1.0)
      rack (>= 1.0)
    treetop (1.4.9)
      polyglot (>= 0.3.1)
    wrest (1.0.0.beta2)
      activesupport (>= 3.0.0)
      json (>= 1.4.6)

PLATFORMS
  ruby

DEPENDENCIES
  haml (= 3.0.13)
  i18n (= 0.4.2)
  jasmine (= 0.11.1.0)
  less (= 1.2.21)
  nokogiri (= 1.4.2)
  rack-test (= 0.5.4)
  rspec (= 2.0.0.beta.19)
  sinatra (= 1.0)
  wrest (= 1.0.0.beta2)
